GEM
  remote: https://rubygems.org/
  specs:
    coderay (1.1.0)
    colorize (0.7.7)
    github-markup (1.3.3)
    method_source (0.8.2)
    mini_portile (0.6.2)
    nokogiri (1.6.6.2)
      mini_portile (~> 0.6.0)
    pry (0.10.1)
      coderay (~> 1.1.0)
      method_source (~> 0.8.1)
      slop (~> 3.4)
    redcarpet (3.2.3)
    slop (3.6.0)
    truncate_html (0.9.3)

PLATFORMS
  ruby

DEPENDENCIES
  colorize
  github-markup
  nokogiri
  pry
  redcarpet
  truncate_html
